RESTRICTION: >= net461
NUGET
  remote: https://www.nuget.org/api/v2
    FSharp.Core (4.5.2)

GROUP Build
NUGET
  remote: https://www.nuget.org/api/v2
    FAKE (5.3)
